PATH
  remote: .
  specs:
    yard-cucumber (2.3.0)
      cucumber (~> 1.3)
      gherkin (~> 2.12)
      yard (>= 0.8.1)

GEM
  remote: http://rubygems.org/
  specs:
    builder (3.2.2)
    cucumber (1.3.3)
      builder (>= 2.1.2)
      diff-lcs (>= 1.1.3)
      gherkin (~> 2.12.0)
      multi_json (~> 1.7.5)
      multi_test (~> 0.0.1)
    diff-lcs (1.2.4)
    gherkin (2.12.0)
      multi_json (~> 1.3)
    multi_json (1.7.7)
    multi_test (0.0.1)
    redcarpet (2.2.2)
    yard (0.8.6.2)

PLATFORMS
  ruby

DEPENDENCIES
  redcarpet
  yard-cucumber!
