PATH
  remote: .
  specs:
    yard-cucumber (2.3.2)
      cucumber (>= 1.3.0)
      gherkin (~> 2.12)
      yard (>= 0.8.1)

GEM
  remote: https://rubygems.org/
  specs:
    builder (3.2.2)
    cucumber (2.0.2)
      builder (>= 2.1.2)
      cucumber-core (~> 1.2.0)
      diff-lcs (>= 1.1.3)
      gherkin (~> 2.12)
      multi_json (>= 1.7.5, < 2.0)
      multi_test (>= 0.1.2)
    cucumber-core (1.2.0)
      gherkin (~> 2.12.0)
    diff-lcs (1.2.5)
    gherkin (2.12.2)
      multi_json (~> 1.3)
    multi_json (1.11.2)
    multi_test (0.1.2)
    rake (10.4.2)
    redcarpet (2.2.2)
    yard (0.8.7.6)

PLATFORMS
  ruby

DEPENDENCIES
  rake
  redcarpet
  yard-cucumber!
