PATH
  remote: .
  specs:
    yard-gherkin-cucumber (0.0.1.dev)
      cucumber (>= 2.0, < 6.1)
      cucumber-gherkin (~> 19.0, >= 19.0.3)
      webrick (>= 1.6.1, <= 1.7.0)

GEM
  remote: https://rubygems.org/
  specs:
    backports (3.21.0)
    builder (3.2.4)
    cucumber (3.2.0)
      builder (>= 2.1.2)
      cucumber-core (~> 3.2.0)
      cucumber-expressions (~> 6.0.1)
      cucumber-wire (~> 0.0.1)
      diff-lcs (~> 1.3)
      gherkin (~> 5.1.0)
      multi_json (>= 1.7.5, < 2.0)
      multi_test (>= 0.1.2)
    cucumber-core (3.2.1)
      backports (>= 3.8.0)
      cucumber-tag_expressions (~> 1.1.0)
      gherkin (~> 5.0)
    cucumber-expressions (6.0.1)
    cucumber-gherkin (19.0.3)
      cucumber-messages (~> 16.0, >= 16.0.1)
    cucumber-messages (16.0.1)
    cucumber-tag_expressions (1.1.1)
    cucumber-wire (0.0.1)
    diff-lcs (1.4.4)
    gherkin (5.1.0)
    multi_json (1.15.0)
    multi_test (0.1.2)
    rake (13.0.3)
    rdoc (6.3.1)
    redcarpet (3.5.1)
    webrick (1.7.0)
    yard (0.9.1)

PLATFORMS
  x64-mingw32

DEPENDENCIES
  cucumber (>= 2.0, < 6.1)
  gherkin (>= 4.0, < 6.0)
  rake (~> 13.0, >= 13.0.3)
  rdoc (>= 6.3.1, < 7.0)
  redcarpet
  webrick (>= 1.6.1, <= 1.7.0)
  yard
  yard-gherkin-cucumber!

BUNDLED WITH
   2.2.18
