PATH
  remote: .
  specs:
    yard-cucumber (3.0.0)
      cucumber (~> 2)
      gherkin (~> 4.0)
      yard (~> 0.8, >= 0.8.1)

GEM
  remote: https://rubygems.org/
  specs:
    builder (3.2.2)
    cucumber (2.4.0)
      builder (>= 2.1.2)
      cucumber-core (~> 1.5.0)
      cucumber-wire (~> 0.0.1)
      diff-lcs (>= 1.1.3)
      gherkin (~> 4.0)
      multi_json (>= 1.7.5, < 2.0)
      multi_test (>= 0.1.2)
    cucumber-core (1.5.0)
      gherkin (~> 4.0)
    cucumber-wire (0.0.1)
    diff-lcs (1.2.5)
    gherkin (4.0.0)
    multi_json (1.12.1)
    multi_test (0.1.2)
    rake (10.4.2)
    redcarpet (2.2.2)
    yard (0.9.5)

PLATFORMS
  ruby

DEPENDENCIES
  gherkin (~> 4.0)
  rake (~> 10)
  redcarpet
  yard-cucumber!

BUNDLED WITH
   1.12.4
