PATH
  remote: .
  specs:
    yard-cucumber (3.1.0)
      cucumber (~> 3)
      gherkin (~> 5.0)
      yard (~> 0.8, >= 0.8.1)

GEM
  remote: https://rubygems.org/
  specs:
    backports (3.11.0)
    builder (3.2.3)
    cucumber (3.1.0)
      builder (>= 2.1.2)
      cucumber-core (~> 3.1.0)
      cucumber-expressions (~> 5.0.4)
      cucumber-wire (~> 0.0.1)
      diff-lcs (~> 1.3)
      gherkin (~> 5.0)
      multi_json (>= 1.7.5, < 2.0)
      multi_test (>= 0.1.2)
    cucumber-core (3.1.0)
      backports (>= 3.8.0)
      cucumber-tag_expressions (~> 1.1.0)
      gherkin (>= 5.0.0)
    cucumber-expressions (5.0.7)
    cucumber-tag_expressions (1.1.1)
    cucumber-wire (0.0.1)
    diff-lcs (1.3)
    gherkin (5.0.0)
    multi_json (1.12.2)
    multi_test (0.1.2)
    rake (10.5.0)
    redcarpet (3.4.0)
    yard (0.9.12)

PLATFORMS
  ruby

DEPENDENCIES
  gherkin (~> 5.0)
  rake (~> 10)
  redcarpet
  yard-cucumber!

BUNDLED WITH
   1.15.4
